PATH
  remote: .
  specs:
    bolognese (0.9.58)
      activesupport (>= 4.2.5, < 6)
      benchmark_methods (~> 0.7)
      bibtex-ruby (~> 4.1)
      builder (~> 3.2, >= 3.2.2)
      colorize (~> 0.8.1)
      gender_detector (~> 0.1.2)
      iso8601 (~> 0.9.1)
      json-ld (~> 2.1, >= 2.1.2)
      jsonlint (~> 0.2.0)
      loofah (~> 2.0, >= 2.0.3)
      maremma (~> 3.5, >= 3.5.7)
      namae (~> 0.11.3)
      nokogiri (~> 1.6, >= 1.6.8)
      oj (>= 2.8.3)
      postrank-uri (~> 1.0, >= 1.0.18)
      rdf-rdfxml (~> 2.0)
      rdf-turtle (~> 2.2)
      thor (~> 0.19)

GEM
  remote: https://rubygems.org/
  specs:
    activesupport (5.1.4)
      concurrent-ruby (~> 1.0, >= 1.0.2)
      i18n (~> 0.7)
      minitest (~> 5.1)
      tzinfo (~> 1.1)
    addressable (2.5.2)
      public_suffix (>= 2.0.2, < 4.0)
    benchmark_methods (0.7)
    bibtex-ruby (4.4.4)
      latex-decode (~> 0.0)
    builder (3.2.3)
    codeclimate-test-reporter (1.0.8)
      simplecov (<= 0.13)
    colorize (0.8.1)
    concurrent-ruby (1.0.5)
    crack (0.4.3)
      safe_yaml (~> 1.0.0)
    crass (1.0.2)
    diff-lcs (1.3)
    docile (1.1.5)
    ebnf (1.1.1)
      rdf (~> 2.2)
      sxp (~> 1.0)
    excon (0.45.4)
    faraday (0.9.2)
      multipart-post (>= 1.2, < 3)
    faraday-encoding (0.0.4)
      faraday
    faraday_middleware (0.10.1)
      faraday (>= 0.7.4, < 1.0)
    gender_detector (0.1.2)
      unicode_utils (>= 1.3.0)
    haml (5.0.4)
      temple (>= 0.8.0)
      tilt
    hamster (3.0.0)
      concurrent-ruby (~> 1.0)
    hashdiff (0.3.7)
    htmlentities (4.3.4)
    i18n (0.9.0)
      concurrent-ruby (~> 1.0)
    iso8601 (0.9.1)
    json (2.1.0)
    json-ld (2.1.7)
      multi_json (~> 1.12)
      rdf (~> 2.2, >= 2.2.8)
    jsonlint (0.2.0)
      oj (~> 2)
      trollop (~> 2)
    latex-decode (0.2.2)
      unicode (~> 0.4)
    link_header (0.0.8)
    loofah (2.1.1)
      crass (~> 1.0.2)
      nokogiri (>= 1.5.9)
    maremma (3.6)
      activesupport (>= 4.2.5, < 6)
      addressable (>= 2.3.6)
      builder (~> 3.2, >= 3.2.2)
      excon (~> 0.45.0)
      faraday (~> 0.9.2)
      faraday-encoding (~> 0.0.1)
      faraday_middleware (~> 0.10.0)
      multi_json (~> 1.12)
      nokogiri (~> 1.6, >= 1.6.8)
      oj (>= 2.8.3)
    mini_portile2 (2.1.0)
    minitest (5.10.3)
    multi_json (1.12.2)
    multipart-post (2.0.0)
    namae (0.11.3)
    nokogiri (1.7.2)
      mini_portile2 (~> 2.1.0)
    oj (2.18.5)
    postrank-uri (1.0.22)
      addressable (>= 2.3.0, < 2.6)
      nokogiri (>= 1.6.1, < 1.8)
      public_suffix (>= 2.0.0, < 2.1)
    public_suffix (2.0.5)
    rack (2.0.3)
    rack-test (0.7.0)
      rack (>= 1.0, < 3)
    rake (12.2.1)
    rdf (2.2.11)
      hamster (~> 3.0)
      link_header (~> 0.0, >= 0.0.8)
    rdf-aggregate-repo (2.2.0)
      rdf (~> 2.0)
    rdf-rdfa (2.2.3)
      haml (~> 5.0)
      htmlentities (~> 4.3)
      rdf (~> 2.2)
      rdf-aggregate-repo (~> 2.2)
      rdf-xsd (~> 2.1)
    rdf-rdfxml (2.2.0)
      htmlentities (~> 4.3)
      rdf (~> 2.0)
      rdf-rdfa (~> 2.0)
      rdf-xsd (~> 2.0)
    rdf-turtle (2.2.1)
      ebnf (~> 1.1)
      rdf (~> 2.2)
    rdf-xsd (2.2.0)
      rdf (~> 2.1)
    rspec (3.7.0)
      rspec-core (~> 3.7.0)
      rspec-expectations (~> 3.7.0)
      rspec-mocks (~> 3.7.0)
    rspec-core (3.7.0)
      rspec-support (~> 3.7.0)
    rspec-expectations (3.7.0)
      diff-lcs (>= 1.2.0, < 2.0)
      rspec-support (~> 3.7.0)
    rspec-mocks (3.7.0)
      diff-lcs (>= 1.2.0, < 2.0)
      rspec-support (~> 3.7.0)
    rspec-support (3.7.0)
    rspec-xsd (0.1.0)
      nokogiri (~> 1.6)
      rspec (~> 3)
    safe_yaml (1.0.4)
    simplecov (0.13.0)
      docile (~> 1.1.0)
      json (>= 1.8, < 3)
      simplecov-html (~> 0.10.0)
    simplecov-html (0.10.2)
    sxp (1.0.0)
      rdf (~> 2.0)
    temple (0.8.0)
    thor (0.20.0)
    thread_safe (0.3.6)
    tilt (2.0.8)
    trollop (2.1.2)
    tzinfo (1.2.4)
      thread_safe (~> 0.1)
    unicode (0.4.4.4)
    unicode_utils (1.4.0)
    vcr (3.0.3)
    webmock (3.1.0)
      addressable (>= 2.3.6)
      crack (>= 0.3.2)
      hashdiff

PLATFORMS
  ruby

DEPENDENCIES
  bolognese!
  bundler (~> 1.0)
  codeclimate-test-reporter (~> 1.0, >= 1.0.8)
  rack-test (~> 0)
  rake (~> 12.0)
  rspec (~> 3.4)
  rspec-xsd (~> 0.1.0)
  simplecov (~> 0.1)
  vcr (~> 3.0, >= 3.0.3)
  webmock (~> 3.0, >= 3.0.1)

BUNDLED WITH
   1.15.4
